GEM
  remote: https://rubygems.org/
  specs:
    diff-lcs (1.3)
    humanize (2.1.1)
    rake (10.5.0)
    rspec (2.99.0)
      rspec-core (~> 2.99.0)
      rspec-expectations (~> 2.99.0)
      rspec-mocks (~> 2.99.0)
    rspec-core (2.99.2)
    rspec-expectations (2.99.2)
      diff-lcs (>= 1.1.3, < 2.0)
    rspec-mocks (2.99.4)
    ruby-debug-ide (0.7.0.beta7)
      rake (>= 0.8.1)

PLATFORMS
  ruby

DEPENDENCIES
  humanize
  rake (< 11.0)
  rspec (~> 2.0)
  ruby-debug-ide (~> 0.7.0.beta7)

BUNDLED WITH
   2.0.1
